GIT
  remote: git://github.com/makevoid/voidtools
  revision: d2cd5e571946dd6896d0745dbd820664d42eeaa6
  specs:
    voidtools (0.2.9)

GEM
  remote: http://rubygems.org/
  specs:
    escape (0.0.4)
    google-search (1.0.2)
      json
    haml (3.1.6)
    json (1.7.3)
    mixpanel (1.1.3)
      escape
      json
      rack
    newrelic_rpm (3.4.0)
    nokogiri (1.5.4)
    rack (1.4.1)
    rack-flash (0.1.2)
      rack
    rack-protection (1.2.0)
      rack
    sass (3.1.19)
    sinatra (1.3.2)
      rack (~> 1.3, >= 1.3.6)
      rack-protection (~> 1.2)
      tilt (~> 1.3, >= 1.3.3)
    tilt (1.3.3)

PLATFORMS
  ruby

DEPENDENCIES
  google-search
  haml
  json
  mixpanel
  newrelic_rpm
  nokogiri
  rack-flash
  sass
  sinatra
  voidtools!
